GEM
  remote: https://rubygems.org/
  specs:
    diff-lcs (1.1.3)
    minitest (5.1.0)
    rspec (2.9.0)
      rspec-core (~> 2.9.0)
      rspec-expectations (~> 2.9.0)
      rspec-mocks (~> 2.9.0)
    rspec-core (2.9.0)
    rspec-expectations (2.9.1)
      diff-lcs (~> 1.1.3)
    rspec-mocks (2.9.0)

PLATFORMS
  ruby

DEPENDENCIES
  minitest (= 5.1.0)
  rspec (= 2.9.0)
